GEM
  remote: https://rubygems.org/
  specs:
    concurrent-ruby (1.2.2)
    cybrid_api_bank_ruby (0.67.0)
      typhoeus (~> 1.0, >= 1.0.1)
    diff-lcs (1.5.0)
    dotenv (2.8.1)
    ethon (0.16.0)
      ffi (>= 1.15.0)
    faraday (2.7.4)
      faraday-net_http (>= 2.0, < 3.1)
      ruby2_keywords (>= 0.0.4)
    faraday-net_http (3.0.2)
    ffi (1.15.5)
    i18n (1.12.0)
      concurrent-ruby (~> 1.0)
    money (6.16.0)
      i18n (>= 0.6.4, <= 2)
    rspec (3.12.0)
      rspec-core (~> 3.12.0)
      rspec-expectations (~> 3.12.0)
      rspec-mocks (~> 3.12.0)
    rspec-core (3.12.1)
      rspec-support (~> 3.12.0)
    rspec-expectations (3.12.2)
      diff-lcs (>= 1.2.0, < 2.0)
      rspec-support (~> 3.12.0)
    rspec-mocks (3.12.4)
      diff-lcs (>= 1.2.0, < 2.0)
      rspec-support (~> 3.12.0)
    rspec-support (3.12.0)
    ruby2_keywords (0.0.5)
    typhoeus (1.4.0)
      ethon (>= 0.9.0)

PLATFORMS
  arm64-darwin-21
  x86_64-linux

DEPENDENCIES
  cybrid_api_bank_ruby
  dotenv
  faraday
  money
  rspec (~> 3.0)

BUNDLED WITH
   2.4.1
